PATH
  remote: .
  specs:
    adapter-couch (0.1.2)
      adapter (~> 0.5.1)
      couchrest (~> 1.1.0.pre2)

GEM
  remote: http://rubygems.org/
  specs:
    activesupport (3.0.3)
    adapter (0.5.2)
    archive-tar-minitar (0.5.2)
    columnize (0.3.2)
    couchrest (1.1.0.pre2)
      json (~> 1.5.1)
      mime-types (~> 1.15)
      rest-client (~> 1.6.1)
    diff-lcs (1.1.2)
    i18n (0.5.0)
    json (1.5.1)
    linecache (0.43)
    linecache19 (0.5.11)
      ruby_core_source (>= 0.1.4)
    log_buddy (0.5.0)
    mime-types (1.16)
    rake (0.8.7)
    rest-client (1.6.1)
      mime-types (>= 1.16)
    rspec (2.4.0)
      rspec-core (~> 2.4.0)
      rspec-expectations (~> 2.4.0)
      rspec-mocks (~> 2.4.0)
    rspec-core (2.4.0)
    rspec-expectations (2.4.0)
      diff-lcs (~> 1.1.2)
    rspec-mocks (2.4.0)
    ruby-debug (0.10.4)
      columnize (>= 0.1)
      ruby-debug-base (~> 0.10.4.0)
    ruby-debug-base (0.10.4)
      linecache (>= 0.3)
    ruby-debug-base19 (0.11.24)
      columnize (>= 0.3.1)
      linecache19 (>= 0.5.11)
      ruby_core_source (>= 0.1.4)
    ruby-debug19 (0.11.6)
      columnize (>= 0.3.1)
      linecache19 (>= 0.5.11)
      ruby-debug-base19 (>= 0.11.19)
    ruby_core_source (0.1.4)
      archive-tar-minitar (>= 0.5.2)
    timecop (0.3.5)

PLATFORMS
  ruby

DEPENDENCIES
  activesupport (~> 3)
  adapter-couch!
  i18n (= 0.5.0)
  log_buddy (~> 0.5.0)
  rake
  rspec (~> 2.3)
  ruby-debug
  ruby-debug19
  timecop (~> 0.3.5)
